GEM
  remote: https://rubygems.org/
  specs:
    ast (2.4.2)
    diff-lcs (1.5.0)
    docile (1.4.0)
    minitest (5.16.1)
    mutant (0.11.11)
      diff-lcs (~> 1.3)
      parser (~> 3.1.0)
      regexp_parser (~> 2.3, >= 2.3.1)
      sorbet-runtime (~> 0.5.0)
      unparser (~> 0.6.5)
    mutant-license (0.0.0)
    mutant-minitest (0.11.11)
      minitest (~> 5.11)
      mutant (= 0.11.11)
    parser (3.1.2.0)
      ast (~> 2.4.1)
    regexp_parser (2.5.0)
    simplecov (0.21.2)
      docile (~> 1.1)
      simplecov-html (~> 0.11)
      simplecov_json_formatter (~> 0.1)
    simplecov-html (0.12.3)
    simplecov_json_formatter (0.1.4)
    sorbet-runtime (0.5.10101)
    unparser (0.6.5)
      diff-lcs (~> 1.3)
      parser (>= 3.1.0)

PLATFORMS
  x86_64-linux

DEPENDENCIES
  minitest
  mutant-license
  mutant-minitest
  simplecov

BUNDLED WITH
   2.3.7
